{
  "InstitutionName": "University of New Mexico",
  "InstitutionalDepartmentName": "Psychology",
  "PowerLineFrequency": 60,
  "ManufacturersModelName": "Brain Vision ActiChamp",
  "EEGGround": "AFz",
  "EEGReference": "CPz",
  "EEGChannelCount": 64,
  "TaskName": "ReinforcementLearning",
  "MiscChannelCount": 67,
  "RecordingType": "continuous",
  "RecordingDuration": 2131.2,
  "SamplingFrequency": 500,
  "SubjectArtefactDescription": "CTL",
  "EOGChannelCount": 0,
  "ECGChannelCount": 0,
  "EMGChannelCount": 0,
  "SoftwareFilters": "n/a"
}